GEM
  remote: https://rubygems.org/
  specs:
    ffi (1.11.3)
    jekyll-watch (2.2.1)
      listen (~> 3.0)
    kramdown (2.1.0)
    kramdown-parser-gfm (1.1.0)
      kramdown (~> 2.0)
    listen (3.2.1)
      rb-fsevent (~> 0.10, >= 0.10.3)
      rb-inotify (~> 0.9, >= 0.9.10)
    rb-fsevent (0.10.3)
    rb-inotify (0.10.0)
      ffi (~> 1.0)
    rouge (3.14.0)

PLATFORMS
  ruby

DEPENDENCIES
  jekyll-watch
  kramdown-parser-gfm
  rouge

BUNDLED WITH
   1.17.3
